GEM
  remote: https://rubygems.org/
  specs:
    byebug (9.0.6)
    ffi (1.9.14)
    figaro (1.1.1)
      thor (~> 0.14)
    haml (4.0.7)
      tilt
    httparty (0.16.2)
      multi_xml (>= 0.5.2)
    listen (3.0.6)
      rb-fsevent (>= 0.9.3)
      rb-inotify (>= 0.9.7)
    multi_json (1.12.1)
    multi_xml (0.6.0)
    rack (1.6.4)
    rack-protection (1.5.3)
      rack
    rack-ssl (1.3.4)
      rack
    rb-fsevent (0.9.7)
    rb-inotify (0.9.7)
      ffi (>= 0.5.0)
    rerun (0.11.0)
      listen (~> 3.0)
    rollbar (2.13.1)
      multi_json
    sinatra (1.4.7)
      rack (~> 1.5)
      rack-protection (~> 1.4)
      tilt (>= 1.3, < 3)
    thor (0.19.1)
    tilt (2.0.5)

PLATFORMS
  ruby

DEPENDENCIES
  byebug
  figaro
  haml
  httparty
  rack-ssl
  rerun
  rollbar
  sinatra

RUBY VERSION
   ruby 2.3.1p112

BUNDLED WITH
   1.16.1
